GIT
  remote: https://github.com/eventmachine/eventmachine.git
  revision: 5398facee0279ae435cef6a69f9a1236ade4dc20
  specs:
    eventmachine (1.0.0.beta.3)

GIT
  remote: https://github.com/igrigorik/em-http-request.git
  revision: 2712fbed9d4d8058e77573882e59023364bb1406
  specs:
    em-http-request (1.0.0.beta.3)
      addressable (>= 2.2.3)
      em-socksify
      eventmachine (>= 1.0.0.beta.3)
      http_parser.rb (>= 0.5.1)

GIT
  remote: https://github.com/igrigorik/em-synchrony.git
  revision: 1139edf9035a0321a09f642885a573732582a615
  specs:
    em-synchrony (0.3.0.beta.1)
      eventmachine (>= 1.0.0.beta.1)

GIT
  remote: https://github.com/postrank-labs/goliath.git
  revision: bb8d049d15eaf78bc062fa2bbfa03f96f7e12f3d
  specs:
    goliath (0.9.1)
      async-rack
      em-synchrony (>= 0.3.0.beta.1)
      eventmachine (>= 1.0.0.beta.3)
      http_parser.rb
      log4r
      multi_json
      rack (>= 1.2.2)
      rack-contrib
      rack-respond_to

GEM
  remote: http://rubygems.org/
  specs:
    addressable (2.2.5)
    async-rack (0.5.1)
      rack (~> 1.1)
    bson (1.3.0)
    bson_ext (1.3.0)
    diff-lcs (1.1.2)
    em-mongo (0.3.5)
      bson (>= 1.1.3)
      bson_ext (>= 1.1.3)
      eventmachine (>= 0.12.10)
    em-socksify (0.1.0)
      eventmachine
    git (1.2.5)
    gorillib (0.1.1)
    http_parser.rb (0.5.1)
    jeweler (1.5.2)
      bundler (~> 1.0.0)
      git (>= 1.2.5)
      rake
    log4r (1.1.9)
    multi_json (1.0.1)
    rack (1.2.2)
    rack-accept-media-types (0.9)
    rack-contrib (1.1.0)
      rack (>= 0.9.1)
    rack-respond_to (0.9.8)
      rack-accept-media-types (>= 0.6)
    rake (0.8.7)
    rcov (0.9.9)
    rspec (2.5.0)
      rspec-core (~> 2.5.0)
      rspec-expectations (~> 2.5.0)
      rspec-mocks (~> 2.5.0)
    rspec-core (2.5.2)
    rspec-expectations (2.5.0)
      diff-lcs (~> 1.1.2)
    rspec-mocks (2.5.0)
    spork (0.9.0.rc7)
    watchr (0.7)
    yajl-ruby (0.8.2)
    yard (0.6.8)

PLATFORMS
  ruby

DEPENDENCIES
  bundler (~> 1.0.12)
  em-http-request!
  em-mongo (~> 0.3.5)
  em-synchrony!
  eventmachine!
  goliath!
  gorillib (~> 0.1.1)
  jeweler (~> 1.5.2)
  rcov (>= 0.9.9)
  rspec (~> 2.5.0)
  spork (~> 0.9.0.rc5)
  watchr
  yajl-ruby (~> 0.8.2)
  yard (~> 0.6.7)
